GEM
  remote: https://rubygems.org/
  specs:
    activesupport (3.2.16)
      i18n (~> 0.6, >= 0.6.4)
      multi_json (~> 1.0)
    awesome_print_motion (0.1.0)
    bubble-wrap (1.4.0)
    celluloid (0.15.2)
      timers (~> 1.1.0)
    codependency (2.0.0)
    coderay (1.1.0)
    colored (1.2)
    ffi (1.9.3)
    formatador (0.2.4)
    guard (2.3.0)
      formatador (>= 0.2.4)
      listen (~> 2.1)
      lumberjack (~> 1.0)
      pry (>= 0.9.12)
      thor (>= 0.18.1)
    guard-test (2.0.4)
      guard (~> 2.0)
      test-unit (~> 2.2)
    i18n (0.6.9)
    ib (0.4.3)
      thor (>= 0.15.4)
      tilt (>= 1.4.1)
      xcodeproj (>= 0.11.1)
    listen (2.4.0)
      celluloid (>= 0.15.2)
      rb-fsevent (>= 0.9.3)
      rb-inotify (>= 0.9)
    lumberjack (1.0.4)
    map-kit-wrapper (0.0.5)
      codependency (= 2.0.0)
      rake
    method_source (0.8.2)
    motion-stump (0.3.0)
    multi_json (1.8.4)
    pry (0.9.12.4)
      coderay (~> 1.0)
      method_source (~> 0.8)
      slop (~> 3.4)
    rake (10.1.1)
    rb-fsevent (0.9.4)
    rb-inotify (0.9.3)
      ffi (>= 0.5.0)
    slop (3.4.7)
    sugarcube (1.4.1)
    test-unit (2.5.5)
    thor (0.18.1)
    tilt (2.0.0)
    timers (1.1.0)
    webstub (1.0.1)
    xcodeproj (0.14.1)
      activesupport (~> 3.0)
      colored (~> 1.2)
      rake

PLATFORMS
  ruby

DEPENDENCIES
  awesome_print_motion
  bubble-wrap
  guard
  guard-test
  ib
  map-kit-wrapper
  motion-stump
  rake
  sugarcube
  webstub
